PATH
  remote: .
  specs:
    enhanced-wars (0.0.5)
      coffee-script
      json (~> 1.7.7)
      libv8
      newrelic_rpm
      ping-middleware (~> 0.0.2)
      rack-ssl
      sass
      sprockets (~> 2.0)
      sprockets-helpers
      thin

GEM
  remote: https://rubygems.org/
  specs:
    coffee-script (2.2.0)
      coffee-script-source
      execjs
    coffee-script-source (1.6.3)
    daemons (1.1.9)
    eventmachine (1.0.3)
    execjs (1.4.0)
      multi_json (~> 1.0)
    hike (1.2.3)
    json (1.7.7)
    libv8 (3.11.8.17)
    multi_json (1.7.9)
    newrelic_rpm (3.6.6.147)
    ping-middleware (0.0.2)
    rack (1.5.2)
    rack-ssl (1.3.3)
      rack
    rake (10.0.4)
    sass (3.2.10)
    sprockets (2.10.0)
      hike (~> 1.2)
      multi_json (~> 1.0)
      rack (~> 1.0)
      tilt (~> 1.1, != 1.3.0)
    sprockets-helpers (1.0.1)
      sprockets (~> 2.0)
    thin (1.5.1)
      daemons (>= 1.0.9)
      eventmachine (>= 0.12.6)
      rack (>= 1.0.0)
    tilt (1.4.1)

PLATFORMS
  ruby

DEPENDENCIES
  bundler (~> 1.3)
  enhanced-wars!
  rake
